PATH
  remote: .
  specs:
    boletosimples (0.0.1)
      httparty (>= 0.13.1)
      multi_json (>= 1.10.1)
      oauth2 (~> 0.9.4)

GEM
  remote: https://rubygems.org/
  specs:
    codeclimate-test-reporter (0.3.0)
      simplecov (>= 0.7.1, < 1.0.0)
    coderay (1.1.0)
    coveralls (0.7.0)
      multi_json (~> 1.3)
      rest-client
      simplecov (>= 0.7)
      term-ansicolor
      thor
    diff-lcs (1.2.5)
    docile (1.1.3)
    faraday (0.9.0)
      multipart-post (>= 1.2, < 3)
    httparty (0.13.1)
      json (~> 1.8)
      multi_xml (>= 0.5.2)
    json (1.8.1)
    jwt (1.0.0)
    method_source (0.8.2)
    mime-types (2.3)
    multi_json (1.10.1)
    multi_xml (0.5.5)
    multipart-post (2.0.0)
    oauth2 (0.9.4)
      faraday (>= 0.8, < 0.10)
      jwt (~> 1.0)
      multi_json (~> 1.3)
      multi_xml (~> 0.5)
      rack (~> 1.2)
    pry (0.9.12.6)
      coderay (~> 1.0)
      method_source (~> 0.8)
      slop (~> 3.4)
    rack (1.5.2)
    rake (10.3.2)
    rest-client (1.6.7)
      mime-types (>= 1.16)
    rspec (3.0.0)
      rspec-core (~> 3.0.0)
      rspec-expectations (~> 3.0.0)
      rspec-mocks (~> 3.0.0)
    rspec-core (3.0.0)
      rspec-support (~> 3.0.0)
    rspec-expectations (3.0.0)
      diff-lcs (>= 1.2.0, < 2.0)
      rspec-support (~> 3.0.0)
    rspec-mocks (3.0.0)
      rspec-support (~> 3.0.0)
    rspec-support (3.0.0)
    simplecov (0.8.2)
      docile (~> 1.1.0)
      multi_json
      simplecov-html (~> 0.8.0)
    simplecov-html (0.8.0)
    slop (3.5.0)
    term-ansicolor (1.3.0)
      tins (~> 1.0)
    thor (0.19.1)
    tins (1.3.0)

PLATFORMS
  ruby

DEPENDENCIES
  boletosimples!
  codeclimate-test-reporter
  coveralls
  pry (= 0.9.12.6)
  rake
  rspec (~> 3.0.0)
